PATH
  remote: .
  specs:
    rack_rate_limiting (0.1.3)
      dalli (~> 3.0)
      rack (~> 2.0)
      redis (~> 4.0)

GEM
  remote: https://rubygems.org/
  specs:
    byebug (11.1.3)
    dalli (3.2.8)
    diff-lcs (1.6.1)
    rack (2.2.13)
    rake (13.2.1)
    redis (4.8.1)
    rspec (3.13.0)
      rspec-core (~> 3.13.0)
      rspec-expectations (~> 3.13.0)
      rspec-mocks (~> 3.13.0)
    rspec-core (3.13.3)
      rspec-support (~> 3.13.0)
    rspec-expectations (3.13.3)
      diff-lcs (>= 1.2.0, < 2.0)
      rspec-support (~> 3.13.0)
    rspec-mocks (3.13.2)
      diff-lcs (>= 1.2.0, < 2.0)
      rspec-support (~> 3.13.0)
    rspec-support (3.13.2)
    timecop (0.9.10)

PLATFORMS
  ruby
  x86_64-linux

DEPENDENCIES
  byebug
  rack_rate_limiting!
  rake (~> 13.0)
  rspec (~> 3.10)
  timecop (~> 0.9.0)

BUNDLED WITH
   2.5.22
